GEM
  remote: https://rubygems.org/
  specs:
    pg (1.2.3)
    sqlite3 (1.4.2)

PLATFORMS
  ruby

DEPENDENCIES
  pg (~> 1.2, >= 1.2.3)
  sqlite3 (~> 1.4, >= 1.4.2)

BUNDLED WITH
   2.1.4
